GEM
  remote: https://rubygems.org/
  specs:
    dotenv (2.8.1)

PLATFORMS
  arm64-darwin-20

DEPENDENCIES
  dotenv

BUNDLED WITH
   2.2.22
